GIT
  remote: git://github.com/capistrano/symfony.git
  revision: a962b2a3840ad73e7ebe1f82ffcf82c80ec5ae9c
  specs:
    capistrano-symfony (0.2.0)
      capistrano (~> 3.1)
      capistrano-composer (~> 0.0.3)
      capistrano-file-permissions (~> 0.1.0)

GIT
  remote: git://github.com/capistrano/composer.git
  revision: 7e18122dce15c12c0755a0aa2c85166b123c1d33
  specs:
    capistrano-composer (0.0.4)
      capistrano (>= 3.0.0.pre)

GIT
  remote: git://github.com/capistrano/file-permissions.git
  revision: 36945381d401e3c4f23205f8a156514e2b0a5f0b
  specs:
    capistrano-file-permissions (0.1.0)
      capistrano (>= 3.0.0)

GIT
  remote: git://github.com/capistrano/capistrano.git
  revision: b372e58ffc279de8f782cb2d85160d7a47ee38b8
  specs:
    capistrano (3.2.1)
      i18n
      rake (>= 10.0.0)
      sshkit (~> 1.3)

GEM
  specs:
    colorize (0.7.3)
    i18n (0.7.0.beta1)
    net-scp (1.2.1)
      net-ssh (>= 2.6.5)
    net-ssh (2.9.1)
    rake (10.3.2)
    sshkit (1.5.1)
      colorize
      net-scp (>= 1.1.2)
      net-ssh (>= 2.8.0)

PLATFORMS
  ruby

DEPENDENCIES
  capistrano (~> 3.2)!
  capistrano-composer (~> 0.0.4)!
  capistrano-file-permissions (~> 0.1.0)!
  capistrano-symfony (~> 0.2)!
