GIT
  remote: git://github.com/capistrano/capistrano.git
  revision: 9ef8939a719297fdd1aef2ab0b148478f6f5b626
  specs:
    capistrano (3.4.0)
      i18n
      rake (>= 10.0.0)
      sshkit (~> 1.3)

GIT
  remote: git://github.com/capistrano/composer.git
  revision: aa31fe43b669fe1caee7e5703256f16fef519133
  specs:
    capistrano-composer (0.0.6)
      capistrano (>= 3.0.0.pre)

GIT
  remote: git://github.com/capistrano/file-permissions.git
  revision: 36945381d401e3c4f23205f8a156514e2b0a5f0b
  specs:
    capistrano-file-permissions (0.1.0)
      capistrano (>= 3.0.0)

GIT
  remote: git://github.com/capistrano/symfony.git
  revision: f557b3ce2cb0a90d43704e73a9dbda8ea170fb0e
  specs:
    capistrano-symfony (0.4.0)
      capistrano (~> 3.1)
      capistrano-composer (~> 0.0.3)
      capistrano-file-permissions (~> 0.1.0)

GIT
  remote: git://github.com/platanus/capistrano-bower.git
  revision: 70061609a27ab64ad1dd25945a51375d92b860a7
  specs:
    capistrano-bower (1.1.0)
      capistrano (~> 3.0)

GIT
  remote: git://github.com/roots/capistrano-grunt.git
  revision: bf87034ad9345d8653070bdcab62e8660593787c
  specs:
    capistrano-grunt (0.0.4)
      capistrano (>= 3.0.0.pre)

GEM
  specs:
    colorize (0.7.5)
    i18n (0.7.0)
    net-scp (1.2.1)
      net-ssh (>= 2.6.5)
    net-ssh (2.9.2)
    rake (10.4.2)
    sshkit (1.7.1)
      colorize (>= 0.7.0)
      net-scp (>= 1.1.2)
      net-ssh (>= 2.8.0)

PLATFORMS
  ruby

DEPENDENCIES
  capistrano (~> 3.2)!
  capistrano-bower (~> 1.1.0)!
  capistrano-composer (~> 0.0.4)!
  capistrano-file-permissions (~> 0.1.0)!
  capistrano-grunt (~> 0.0.4)!
  capistrano-symfony (~> 0.2)!
